GEM
  remote: https://rubygems.org/
  specs:
    addressable (2.2.6)
    annoy (0.5.6)
      highline (>= 1.5.0)
    attic (0.5.3)
    bcrypt (3.1.16)
    bcrypt-ruby (3.1.5)
      bcrypt (>= 3.1.3)
    daemons (1.4.0)
    drydock (0.6.9)
    encryptor (1.1.3)
    eventmachine (1.2.7)
    familia (0.7.1)
      gibbler (>= 0.8.6)
      multi_json (>= 0.0.5)
      redis (>= 2.1.0)
      storable (>= 0.8.6)
      uri-redis (>= 0.4.2)
    gibbler (0.9.0)
    highline (2.0.3)
    httparty (0.10.0)
      multi_json (~> 1.0)
      multi_xml
    mail (2.5.5)
      mime-types (~> 1.16)
      treetop (~> 1.4.8)
    mime-types (1.25.1)
    multi_json (1.15.0)
    multi_xml (0.6.0)
    mustache (1.1.1)
    otto (0.4.1)
      addressable (>= 2.2.6)
      rack (>= 1.2.1)
    polyglot (0.3.5)
    rack (2.1.4)
    redis (4.3.1)
    redis-dump (0.4.0)
      drydock (>= 0.6.9)
      redis (>= 4.0)
      uri-redis (>= 0.4.0)
      yajl-ruby (>= 0.1)
    ruby_http_client (3.5.2)
    sendgrid-ruby (6.4.0)
      ruby_http_client (~> 3.4)
    storable (0.8.9)
    sysinfo (0.8.1)
      drydock
      storable
    thin (1.8.0)
      daemons (~> 1.0, >= 1.0.9)
      eventmachine (~> 1.0, >= 1.0.4)
      rack (>= 1, < 3)
    treetop (1.4.15)
      polyglot
      polyglot (>= 0.3.1)
    uri-redis (0.4.2)
    yajl-ruby (1.4.1)

PLATFORMS
  ruby
  x86_64-linux

DEPENDENCIES
  addressable (= 2.2.6)
  annoy
  attic
  bcrypt-ruby
  encryptor (= 1.1.3)
  familia
  gibbler
  httparty (= 0.10.0)
  mail (= 2.5.5)
  mustache
  otto
  rack (= 2.1.4)
  redis
  redis-dump
  sendgrid-ruby
  storable
  sysinfo
  thin (= 1.8.0)
  yajl-ruby (= 1.4.1)

BUNDLED WITH
   2.2.24
